GEM
  remote: https://rubygems.org/
  specs:
    dotenv (2.0.1)
    pg (0.18.1)

PLATFORMS
  ruby

DEPENDENCIES
  dotenv
  pg
